GIT
  remote: https://github.com/amoeba/sinatra-sequel
  revision: 3bbf5cad3881247328922475128916223dd0d287
  specs:
    sinatra-sequel (0.9.0)
      sequel (>= 3.2.0)
      sinatra (>= 0.9.4)

GEM
  remote: https://rubygems.org/
  specs:
    ast (2.4.0)
    coderay (1.1.2)
    execjs (2.7.0)
    ffi (1.11.1)
    hike (1.2.3)
    jaro_winkler (1.5.3)
    method_source (0.9.2)
    minitest (5.12.2)
    multi_json (1.13.1)
    parallel (1.18.0)
    parser (2.6.5.0)
      ast (~> 2.4.0)
    pg (1.1.4)
    pry (0.12.2)
      coderay (~> 1.1.0)
      method_source (~> 0.9.0)
    rack (1.6.11)
    rack-protection (1.5.5)
      rack
    rack-test (1.1.0)
      rack (>= 1.0, < 3)
    rainbow (3.0.0)
    rake (13.0.0)
    rb-fsevent (0.10.3)
    rb-inotify (0.10.0)
      ffi (~> 1.0)
    rubocop (0.72.0)
      jaro_winkler (~> 1.5.1)
      parallel (~> 1.10)
      parser (>= 2.6)
      rainbow (>= 2.2.2, < 4.0)
      ruby-progressbar (~> 1.7)
      unicode-display_width (>= 1.4.0, < 1.7)
    rubocop-performance (1.4.1)
      rubocop (>= 0.71.0)
    ruby-progressbar (1.10.1)
    sass (3.7.4)
      sass-listen (~> 4.0.0)
    sass-listen (4.0.0)
      rb-fsevent (~> 0.9, >= 0.9.4)
      rb-inotify (~> 0.9, >= 0.9.7)
    sequel (5.25.0)
    sequel-rake (0.2.0)
      thor (~> 0.19)
    sinatra (1.4.8)
      rack (~> 1.5)
      rack-protection (~> 1.4)
      tilt (>= 1.3, < 3)
    sprockets (2.12.5)
      hike (~> 1.2)
      multi_json (~> 1.0)
      rack (~> 1.0)
      tilt (~> 1.1, != 1.3.0)
    sprockets-helpers (1.2.1)
      sprockets (>= 2.2)
    sprockets-sass (1.3.1)
      sprockets (~> 2.0)
      tilt (~> 1.1)
    sqlite3 (1.4.1)
    standard (0.1.4)
      rubocop (~> 0.72.0)
      rubocop-performance (~> 1.4.0)
    thor (0.20.3)
    tilt (1.4.1)
    uglifier (4.2.0)
      execjs (>= 0.3.0, < 3)
    unicode-display_width (1.6.0)

PLATFORMS
  ruby

DEPENDENCIES
  minitest
  pg
  pry
  rack
  rack-test
  rake
  sass
  sequel-rake
  sinatra
  sinatra-sequel!
  sprockets
  sprockets-helpers
  sprockets-sass
  sqlite3
  standard
  uglifier

RUBY VERSION
   ruby 2.6.4p104

BUNDLED WITH
   1.17.2
