GIT
  remote: https://github.com/amoeba/sinatra-sequel
  revision: 3bbf5cad3881247328922475128916223dd0d287
  specs:
    sinatra-sequel (0.9.0)
      sequel (>= 3.2.0)
      sinatra (>= 0.9.4)

GEM
  remote: https://rubygems.org/
  specs:
    mustermann (1.0.3)
    rack (2.0.7)
    rack-protection (2.0.7)
      rack
    sequel (5.23.0)
    sequel-rake (0.2.0)
      thor (~> 0.19)
    sinatra (2.0.7)
      mustermann (~> 1.0)
      rack (~> 2.0)
      rack-protection (= 2.0.7)
      tilt (~> 2.0)
    sqlite3 (1.4.1)
    thor (0.20.3)
    tilt (2.0.9)

PLATFORMS
  ruby

DEPENDENCIES
  sequel-rake
  sinatra
  sinatra-sequel!
  sqlite3

BUNDLED WITH
   1.17.2
